GEM
  remote: http://rubygems.org/
  specs:
    diff-lcs (1.1.2)
    haml (3.0.25)
    libxml-ruby (1.1.2)
    mocha (0.9.9)
      rake
    nokogiri (1.4.4)
    rack (1.2.1)
    rack-test (0.5.6)
      rack (>= 1.0)
    rake (0.8.7)
    rspec (2.2.0)
      rspec-core (~> 2.2)
      rspec-expectations (~> 2.2)
      rspec-mocks (~> 2.2)
    rspec-core (2.4.0)
    rspec-expectations (2.4.0)
      diff-lcs (~> 1.1.2)
    rspec-mocks (2.4.0)
    sinatra (1.1.2)
      rack (~> 1.1)
      tilt (~> 1.2)
    tilt (1.2.1)
    webrat (0.7.3)
      nokogiri (>= 1.2.0)
      rack (>= 1.0)
      rack-test (>= 0.5.3)

PLATFORMS
  ruby

DEPENDENCIES
  bundler (= 1.0.7)
  haml (~> 3.0)
  libxml-ruby (= 1.1.2)
  mocha (= 0.9.9)
  rack-test (= 0.5.6)
  rspec (= 2.2.0)
  sinatra (~> 1.0)
  webrat (= 0.7.3)
